GIT
  remote: git://github.com/dblock/rspec-rerun.git
  revision: 6b20e8598a98f9b220f4bb20331c71b7ef954116
  specs:
    rspec-rerun (0.2.1)
      rspec

GIT
  remote: git://github.com/fiedl/Google-Maps-for-Rails.git
  revision: 7a647944046cf8fb03e98b4df34ecee80112ffd1
  specs:
    gmaps4rails (2.0.2)

GIT
  remote: git://github.com/fiedl/your_platform.git
  revision: 48197d2a63be2661b5b02645daee3e71d829f1b8
  branch: master
  specs:
    your_platform (1.0.1)
      actionpack (>= 4.2.5.2)
      acts-as-dag (>= 2.5.7)
      acts_as_tree
      auto_html (~> 1.6.4)
      autosize-rails
      bcrypt (>= 3.0.1)
      best_in_place (>= 2.1.0)
      biggs
      bootstrap-sass (= 3.3.3)
      bundler (>= 1.9.4)
      cancan
      carrierwave
      coffee-rails (>= 4.1.0)
      devise (>= 3.5.4)
      edit_mode (>= 1.0.2)
      eventmachine (>= 1.0.7)
      execjs (>= 2.5.2)
      faker
      font-awesome-rails (~> 4.3.0)
      foreman
      formtastic
      gemoji (>= 2.1.0)
      geocoder
      gmaps4rails (= 2.0.2)
      gravatar_image_tag
      haml
      i18n-js (>= 3.0.0.rc8)
      icalendar
      jquery-atwho-rails (>= 1.1.0)
      jquery-fileupload-rails
      jquery-turbolinks
      judge
      mail (>= 2.6.0)
      merit
      mini_magick
      nokogiri (>= 1.6.7.2)
      passgen
      phony
      prawn
      public_activity (~> 1.4.1)
      rack (>= 1.6.2)
      rack-mini-profiler (>= 0.9.0.pre)
      rack-ssl (>= 1.3.4)
      rails (>= 4.2.5.1)
      rails-assets-datatables (>= 1.10.10)
      rails-assets-jquery-ui
      rails-assets-jquery-ujs
      rails-i18n
      rails-settings-cached
      redcarpet (>= 3.3.2)
      redis-rails
      redis_analytics
      refile (~> 0.5.5)
      responders (~> 2.0)
      rest-client (>= 1.8)
      sass-rails (>= 3.2)
      sidekiq (>= 3.4.2)
      sidekiq-limit_fetch
      slim_breadcrumb (>= 0.0.3)
      sprockets-rails (~> 2.3)
      sugar-rails
      table-formatter
      to_xls
      transaction_retry
      turboboost
      turbolinks (>= 2.5.3)
      uglifier (>= 2.7.2)
      web-console (>= 2.1.3)
      will_paginate (> 3.0)

GIT
  remote: git://github.com/prawnpdf/prawn.git
  revision: 90441e9e4c528906772765ffcc5e4e702615fe02
  specs:
    prawn (2.1.1)
      pdf-core (~> 0.6.1)
      ttfunk (~> 1.4.0)

GIT
  remote: git://github.com/rails/turbolinks.git
  revision: 37a7c296232d20a61bd1946f600da7f2009189db
  specs:
    turbolinks (3.0.0)
      coffee-rails

GEM
  remote: https://rails-assets.org/
  remote: https://rubygems.org/
  specs:
    actionmailer (4.2.6)
      actionpack (= 4.2.6)
      actionview (= 4.2.6)
      activejob (= 4.2.6)
      mail (~> 2.5, >= 2.5.4)
      rails-dom-testing (~> 1.0, >= 1.0.5)
    actionpack (4.2.6)
      actionview (= 4.2.6)
      activesupport (= 4.2.6)
      rack (~> 1.6)
      rack-test (~> 0.6.2)
      rails-dom-testing (~> 1.0, >= 1.0.5)
      rails-html-sanitizer (~> 1.0, >= 1.0.2)
    actionview (4.2.6)
      activesupport (= 4.2.6)
      builder (~> 3.1)
      erubis (~> 2.7.0)
      rails-dom-testing (~> 1.0, >= 1.0.5)
      rails-html-sanitizer (~> 1.0, >= 1.0.2)
    activejob (4.2.6)
      activesupport (= 4.2.6)
      globalid (>= 0.3.0)
    activemodel (4.2.6)
      activesupport (= 4.2.6)
      builder (~> 3.1)
    activerecord (4.2.6)
      activemodel (= 4.2.6)
      activesupport (= 4.2.6)
      arel (~> 6.0)
    activesupport (4.2.6)
      i18n (~> 0.7)
      json (~> 1.7, >= 1.7.7)
      minitest (~> 5.1)
      thread_safe (~> 0.3, >= 0.3.4)
      tzinfo (~> 1.1)
    activesupport-json_encoder (1.1.0)
      activesupport (>= 4.1.0, < 5.0)
    acts-as-dag (4.0.0)
      activemodel
      activerecord (~> 4.0, >= 4.0.0)
    acts_as_tree (2.4.0)
      activerecord (>= 3.0.0)
    addressable (2.4.0)
    ambry (0.3.1)
    arel (6.0.3)
    auto_html (1.6.4)
      redcarpet (~> 3.1)
      rinku (~> 1.5.0)
    autoprefixer-rails (6.3.6.2)
      execjs
    autosize-rails (1.18.17)
      rails (>= 3.1)
    bcrypt (3.1.11)
    best_in_place (3.1.0)
      actionpack (>= 3.2)
      railties (>= 3.2)
    biggs (0.3.3)
      activerecord (>= 3.0)
    binding_of_caller (0.7.2)
      debug_inspector (>= 0.0.1)
    bootstrap-sass (3.3.3)
      autoprefixer-rails (>= 5.0.0.1)
      sass (>= 3.2.19)
    brakeman (3.1.4)
      erubis (~> 2.6)
      fastercsv (~> 1.5)
      haml (>= 3.0, < 5.0)
      highline (>= 1.6.20, < 2.0)
      multi_json (~> 1.2)
      ruby2ruby (>= 2.1.1, < 2.3.0)
      ruby_parser (~> 3.7.0)
      safe_yaml (>= 1.0)
      sass (~> 3.0)
      slim (>= 1.3.6, < 4.0)
      terminal-table (~> 1.4)
    browser (2.1.0)
    builder (3.2.2)
    callsite (0.0.11)
    cancan (1.6.10)
    capybara (2.2.0)
      mime-types (>= 1.16)
      nokogiri (>= 1.3.3)
      rack (>= 1.0.0)
      rack-test (>= 0.5.4)
      xpath (~> 2.0)
    carrierwave (0.11.2)
      activemodel (>= 3.2.0)
      activesupport (>= 3.2.0)
      json (>= 1.7)
      mime-types (>= 1.16)
      mimemagic (>= 0.3.0)
    celluloid (0.17.3)
      celluloid-essentials
      celluloid-extras
      celluloid-fsm
      celluloid-pool
      celluloid-supervision
      timers (>= 4.1.1)
    celluloid-essentials (0.20.5)
      timers (>= 4.1.1)
    celluloid-extras (0.20.5)
      timers (>= 4.1.1)
    celluloid-fsm (0.20.5)
      timers (>= 4.1.1)
    celluloid-pool (0.20.5)
      timers (>= 4.1.1)
    celluloid-supervision (0.20.5)
      timers (>= 4.1.1)
    charlock_holmes (0.6.9.4)
    cliver (0.3.2)
    codeclimate-test-reporter (0.4.7)
      simplecov (>= 0.7.1, < 1.0.0)
    coderay (1.1.0)
    coffee-rails (4.1.1)
      coffee-script (>= 2.2.0)
      railties (>= 4.0.0, < 5.1.x)
    coffee-script (2.4.1)
      coffee-script-source
      execjs
    coffee-script-source (1.10.0)
    colored (1.2)
    concurrent-ruby (1.0.2)
    connection_pool (2.2.0)
    coveralls (0.7.0)
      multi_json (~> 1.3)
      rest-client
      simplecov (>= 0.7)
      term-ansicolor
      thor
    database_cleaner (1.4.1)
    debug_inspector (0.0.2)
    devise (4.1.1)
      bcrypt (~> 3.0)
      orm_adapter (~> 0.1)
      railties (>= 4.1.0, < 5.1)
      responders
      warden (~> 1.2.3)
    diff-lcs (1.2.5)
    domain_name (0.5.20160310)
      unf (>= 0.0.5, < 1.0.0)
    edit_mode (1.0.2)
      jquery-rails
      jquery-turbolinks
      rails (>= 3.2)
    email_spec (1.5.0)
      launchy (~> 2.1)
      mail (~> 2.2)
    erubis (2.7.0)
    eventmachine (1.2.0.1)
    exception_notification (4.1.1)
      actionmailer (>= 3.0.4)
      activesupport (>= 3.0.4)
    execjs (2.7.0)
    factory_girl (4.5.0)
      activesupport (>= 3.0.0)
    factory_girl_rails (4.5.0)
      factory_girl (~> 4.5.0)
      railties (>= 3.0.0)
    faker (1.6.3)
      i18n (~> 0.5)
    fast_stack (0.1.0)
      rake
      rake-compiler
    fastercsv (1.5.5)
    ffi (1.9.3)
    flamegraph (0.0.5)
      fast_stack
    font-awesome-rails (4.3.0.0)
      railties (>= 3.2, < 5.0)
    foreman (0.82.0)
      thor (~> 0.19.1)
    formatador (0.2.4)
    formtastic (3.1.4)
      actionpack (>= 3.2.13)
    fuubar (1.3.3)
      rspec (>= 2.14.0, < 3.1.0)
      ruby-progressbar (~> 1.4)
    gemoji (2.1.0)
    geocoder (1.3.6)
    geoip (1.6.1)
    git-version-bump (0.15.1)
    globalid (0.3.6)
      activesupport (>= 4.1.0)
    gravatar_image_tag (1.2.0)
    guard (2.2.5)
      formatador (>= 0.2.4)
      listen (~> 2.1)
      lumberjack (~> 1.0)
      pry (>= 0.9.12)
      thor (>= 0.18.1)
    guard-brakeman (0.8.3)
      brakeman (>= 2.1.1)
      guard (>= 2.0.0)
    guard-focus (0.0.1)
      guard
    guard-rspec (4.3.1)
      guard (~> 2.1)
      rspec (>= 2.14, < 4.0)
    guard-spork (1.0.1)
      guard (>= 1.0.0)
      spork (>= 0.8.4)
    haml (4.0.7)
      tilt
    highline (1.7.8)
    hitimes (1.2.4)
    http-cookie (1.0.2)
      domain_name (~> 0.5)
    i18n (0.7.0)
    i18n-js (3.0.0.rc12)
      i18n (~> 0.6, >= 0.6.6)
    icalendar (2.3.0)
    jquery-atwho-rails (1.3.2)
    jquery-fileupload-rails (0.4.6)
      actionpack (>= 3.1)
      railties (>= 3.1)
      sass (>= 3.2)
    jquery-rails (4.1.1)
      rails-dom-testing (>= 1, < 3)
      railties (>= 4.2.0)
      thor (>= 0.14, < 2.0)
    jquery-turbolinks (2.1.0)
      railties (>= 3.1.0)
      turbolinks
    json (1.8.3)
    judge (2.1.1)
      rails (>= 3.1)
    kgio (2.10.0)
    launchy (2.2.0)
      addressable (~> 2.3)
    letter_opener (1.4.1)
      launchy (~> 2.2)
    libv8 (3.16.14.13)
    listen (2.4.0)
      celluloid (>= 0.15.2)
      rb-fsevent (>= 0.9.3)
      rb-inotify (>= 0.9)
    loofah (2.0.3)
      nokogiri (>= 1.5.9)
    lumberjack (1.0.4)
    mail (2.6.4)
      mime-types (>= 1.16, < 4)
    maildir (2.1.0)
    mailman (0.7.0)
      activesupport (>= 2.3.4)
      i18n (>= 0.4.1)
      listen (>= 0.4.1)
      mail (>= 2.0.3)
      maildir (>= 0.5.0)
    merit (2.3.4)
      ambry (~> 0.3.0)
    meta_request (0.3.4)
      callsite (~> 0.0, >= 0.0.11)
      rack-contrib (~> 1.1)
      railties (>= 3.0.0, < 5.0.0)
    method_source (0.8.2)
    mime-types (2.99.2)
    mimemagic (0.3.1)
    mini_magick (4.5.1)
    mini_portile2 (2.0.0)
    minitest (5.9.0)
    multi_json (1.11.2)
    mysql2 (0.4.2)
    netrc (0.11.0)
    newrelic_rpm (3.8.1.221)
    nokogiri (1.6.7.2)
      mini_portile2 (~> 2.0.0.rc2)
    orm_adapter (0.5.0)
    passgen (1.0.2)
    pdf-core (0.6.1)
    phony (2.15.25)
    poltergeist (1.5.0)
      capybara (~> 2.1)
      cliver (~> 0.3.1)
      multi_json (~> 1.0)
      websocket-driver (>= 0.2.0)
    protected_attributes (1.1.3)
      activemodel (>= 4.0.1, < 5.0)
    pry (0.9.12.4)
      coderay (~> 1.0)
      method_source (~> 0.8)
      slop (~> 3.4)
    public_activity (1.4.3)
      actionpack (>= 3.0.0)
      activerecord (>= 3.0)
      i18n (>= 0.5.0)
      railties (>= 3.0.0)
    rack (1.6.4)
    rack-contrib (1.4.0)
      git-version-bump (~> 0.15)
      rack (~> 1.4)
    rack-mini-profiler (0.10.1)
      rack (>= 1.2.0)
    rack-protection (1.5.3)
      rack
    rack-ssl (1.4.1)
      rack
    rack-test (0.6.3)
      rack (>= 1.0)
    rack-timeout (0.0.4)
    rails (4.2.6)
      actionmailer (= 4.2.6)
      actionpack (= 4.2.6)
      actionview (= 4.2.6)
      activejob (= 4.2.6)
      activemodel (= 4.2.6)
      activerecord (= 4.2.6)
      activesupport (= 4.2.6)
      bundler (>= 1.3.0, < 2.0)
      railties (= 4.2.6)
      sprockets-rails
    rails-assets-datatables (1.10.12)
      rails-assets-jquery (>= 1.7.0)
    rails-assets-jquery (2.2.4)
    rails-assets-jquery-ui (1.11.4)
      rails-assets-jquery (>= 1.6)
    rails-assets-jquery-ujs (1.2.1)
      rails-assets-jquery (> 1.8)
    rails-deprecated_sanitizer (1.0.3)
      activesupport (>= 4.2.0.alpha)
    rails-dom-testing (1.0.7)
      activesupport (>= 4.2.0.beta, < 5.0)
      nokogiri (~> 1.6.0)
      rails-deprecated_sanitizer (>= 1.0.1)
    rails-html-sanitizer (1.0.3)
      loofah (~> 2.0)
    rails-i18n (4.0.8)
      i18n (~> 0.7)
      railties (~> 4.0)
    rails-settings-cached (0.6.4)
      rails (>= 4.2.0)
    railties (4.2.6)
      actionpack (= 4.2.6)
      activesupport (= 4.2.6)
      rake (>= 0.8.7)
      thor (>= 0.18.1, < 2.0)
    raindrops (0.15.0)
    rake (11.1.2)
    rake-compiler (0.9.2)
      rake
    rb-fsevent (0.9.3)
    rb-inotify (0.9.3)
      ffi (>= 0.5.0)
    redcarpet (3.3.4)
    redis (3.3.0)
    redis-actionpack (4.0.1)
      actionpack (~> 4)
      redis-rack (~> 1.5.0)
      redis-store (~> 1.1.0)
    redis-activesupport (4.1.5)
      activesupport (>= 3, < 5)
      redis-store (~> 1.1.0)
    redis-namespace (1.5.2)
      redis (~> 3.0, >= 3.0.4)
    redis-rack (1.5.0)
      rack (~> 1.5)
      redis-store (~> 1.1.0)
    redis-rails (4.0.0)
      redis-actionpack (~> 4)
      redis-activesupport (~> 4)
      redis-store (~> 1.1.0)
    redis-store (1.1.7)
      redis (>= 2.2)
    redis_analytics (1.0.1)
      browser
      geoip
      jquery-rails
      json
      rails (>= 3.2.0, < 5)
      redis
    ref (2.0.0)
    refile (0.5.5)
      mime-types
      rest-client (~> 1.8)
      sinatra (~> 1.4.5)
    responders (2.2.0)
      railties (>= 4.2.0, < 5.1)
    rest-client (1.8.0)
      http-cookie (>= 1.0.2, < 2.0)
      mime-types (>= 1.16, < 3.0)
      netrc (~> 0.7)
    rinku (1.5.1)
    rspec (2.14.1)
      rspec-core (~> 2.14.0)
      rspec-expectations (~> 2.14.0)
      rspec-mocks (~> 2.14.0)
    rspec-core (2.14.7)
    rspec-expectations (2.14.4)
      diff-lcs (>= 1.1.3, < 2.0)
    rspec-mocks (2.14.4)
    rspec-rails (2.14.1)
      actionpack (>= 3.0)
      activemodel (>= 3.0)
      activesupport (>= 3.0)
      railties (>= 3.0)
      rspec-core (~> 2.14.0)
      rspec-expectations (~> 2.14.0)
      rspec-mocks (~> 2.14.0)
    ruby-ole (1.2.12)
    ruby-progressbar (1.5.1)
    ruby2ruby (2.2.0)
      ruby_parser (~> 3.1)
      sexp_processor (~> 4.0)
    ruby_parser (3.7.2)
      sexp_processor (~> 4.1)
    safe_yaml (1.0.4)
    sass (3.4.22)
    sass-rails (5.0.4)
      railties (>= 4.0.0, < 5.0)
      sass (~> 3.1)
      sprockets (>= 2.8, < 4.0)
      sprockets-rails (>= 2.0, < 4.0)
      tilt (>= 1.1, < 3)
    sexp_processor (4.6.0)
    sidekiq (3.5.4)
      celluloid (~> 0.17.2)
      connection_pool (~> 2.2, >= 2.2.0)
      json (~> 1.0)
      redis (~> 3.2, >= 3.2.1)
      redis-namespace (~> 1.5, >= 1.5.2)
    sidekiq-failures (0.4.3)
      sidekiq (>= 2.16.0)
    sidekiq-limit_fetch (2.4.2)
      sidekiq (>= 2.6.5, < 4.0)
    simplecov (0.7.1)
      multi_json (~> 1.0)
      simplecov-html (~> 0.7.1)
    simplecov-html (0.7.1)
    sinatra (1.4.7)
      rack (~> 1.5)
      rack-protection (~> 1.4)
      tilt (>= 1.3, < 3)
    slim (3.0.6)
      temple (~> 0.7.3)
      tilt (>= 1.3.3, < 2.1)
    slim_breadcrumb (0.0.3)
      coffee-rails
      jquery-rails
      rails (>= 3.2)
      sass-rails
    slop (3.4.7)
    spork (0.9.2)
    spreadsheet (1.1.2)
      ruby-ole (>= 1.0)
    sprockets (3.6.0)
      concurrent-ruby (~> 1.0)
      rack (> 1, < 3)
    sprockets-rails (2.3.3)
      actionpack (>= 3.0)
      activesupport (>= 3.0)
      sprockets (>= 2.8, < 4.0)
    sugar-rails (1.4.1)
      railties (>= 3.0.0)
    table-formatter (0.2.0)
    temple (0.7.6)
    term-ansicolor (1.2.2)
      tins (~> 0.8)
    terminal-table (1.5.2)
    therubyracer (0.12.2)
      libv8 (~> 3.16.14.0)
      ref
    thor (0.19.1)
    thread_safe (0.3.5)
    tilt (1.4.1)
    timecop (0.7.1)
    timers (4.1.1)
      hitimes
    tins (0.13.1)
    to_xls (1.5.3)
      spreadsheet
    transaction_isolation (1.0.3)
      activerecord (>= 3.0.11)
    transaction_retry (1.0.2)
      activerecord (>= 3.0.11)
      transaction_isolation (>= 1.0.2)
    ttfunk (1.4.0)
    turboboost (0.1.0)
      coffee-rails
      jquery-rails
      railties
      turbolinks
    turnout (0.2.5)
      nokogiri (~> 1.3)
      rack
    tzinfo (1.2.2)
      thread_safe (~> 0.1)
    uglifier (3.0.0)
      execjs (>= 0.3.0, < 3)
    unf (0.1.4)
      unf_ext
    unf_ext (0.0.7.2)
    unicorn (5.0.1)
      kgio (~> 2.6)
      rack
      raindrops (~> 0.7)
    warden (1.2.6)
      rack (>= 1.0)
    web-console (3.1.1)
      activemodel (>= 4.2)
      debug_inspector
      railties (>= 4.2)
    websocket-driver (0.3.2)
    will_paginate (3.1.0)
    xpath (2.0.0)
      nokogiri (~> 1.3)
    yard (0.8.7.6)

PLATFORMS
  ruby

DEPENDENCIES
  activesupport-json_encoder!
  binding_of_caller!
  brakeman (>= 2.3.1)!
  capybara!
  charlock_holmes!
  codeclimate-test-reporter!
  coffee-rails (>= 4.0.0)!
  colored!
  coveralls!
  database_cleaner!
  email_spec!
  exception_notification!
  execjs!
  factory_girl_rails (>= 4.0.0)!
  flamegraph!
  fuubar!
  gmaps4rails (~> 2.0.1)!
  guard (~> 2.2.5)!
  guard-brakeman (>= 0.8.1)!
  guard-focus!
  guard-rspec!
  guard-spork!
  json!
  launchy!
  letter_opener!
  mailman!
  meta_request!
  mysql2!
  newrelic_rpm!
  nokogiri!
  poltergeist (= 1.5.0)!
  prawn!
  protected_attributes!
  pry!
  rack-mini-profiler!
  rack-timeout!
  rails (~> 4.2.1)!
  redcarpet!
  rspec-rails!
  rspec-rerun!
  sass-rails (>= 4.0.3)!
  sidekiq (~> 3.5.1)!
  sidekiq-failures!
  simplecov!
  spork!
  therubyracer!
  tilt (~> 1.4.1)!
  timecop!
  transaction_retry!
  turbolinks (>= 3.0)!
  turnout!
  uglifier (>= 1.3.0)!
  unicorn!
  yard!
  your_platform!

RUBY VERSION
   ruby 2.3.1p112

BUNDLED WITH
   1.12.5
