GIT
  remote: git://github.com/dblock/rspec-rerun.git
  revision: 6b20e8598a98f9b220f4bb20331c71b7ef954116
  specs:
    rspec-rerun (0.2.1)
      rspec

GIT
  remote: git://github.com/fiedl/Google-Maps-for-Rails.git
  revision: 7a647944046cf8fb03e98b4df34ecee80112ffd1
  specs:
    gmaps4rails (2.0.2)

GIT
  remote: git://github.com/fiedl/workflow_kit.git
  revision: 90fed7e940c905132667160f637f1f5fed2a13ee
  specs:
    workflow_kit (0.0.7)
      rails (~> 3.2)

GIT
  remote: git://github.com/fiedl/your_platform.git
  revision: c33afb87169edd2ce654067178254dac95e72dbc
  branch: master
  specs:
    your_platform (0.0.1)
      acts-as-dag (>= 2.5.7)
      acts_as_tree
      bcrypt (>= 3.0.1)
      best_in_place (~> 2.1.0)
      bootstrap-sass (~> 3.3.3)
      cancan
      carrierwave
      delocalize
      devise (~> 2.2.5)
      edit_mode (>= 1.0.1)
      eventmachine (>= 1.0.7)
      fnordmetric
      font-awesome-rails (~> 4.3.0)
      foreman
      formtastic
      geocoder
      gmaps4rails (= 2.0.2)
      gravatar_image_tag
      haml
      icalendar
      immigrant (~> 0.1.8)
      jquery-datatables-rails (~> 3.1.1)
      jquery-fileupload-rails
      jquery-rails
      jquery-turbolinks
      jquery-ui-rails (~> 4.2.0)
      judge
      judge-formtastic
      mini_magick
      passgen
      phony
      prawn
      public_activity (~> 1.4.1)
      rack-mini-profiler (>= 0.9.0.pre)
      rack-ssl (>= 1.3.4)
      rails (~> 3.2.21)
      rails-i18n
      rails-settings-cached (= 0.2.4)
      redcarpet
      redis-rails
      refile
      sass-rails (>= 3.2)
      sidekiq
      slim_breadcrumb (>= 0.0.3)
      strong_parameters
      to_xls
      will_paginate (> 3.0)
      workflow_kit (~> 0.0.7)

GIT
  remote: git://github.com/jejacks0n/mercury
  revision: d3b085e1b7e1e801efe298bb826a4730179455af
  specs:
    mercury-rails (0.9.0)
      coffee-rails (~> 3.2.2)
      railties (~> 3.2)

GIT
  remote: git://github.com/jeremy/mail.git
  revision: 4875bc2ba1670289a34a155569af2f51abddc316
  specs:
    mail (2.5.4)
      mime-types (~> 1.16)
      treetop (~> 1.4.8)

GIT
  remote: git://github.com/prawnpdf/prawn.git
  revision: a4e1d29210e5bc24063acf6014864c38dbab4a59
  specs:
    prawn (2.0.1)
      pdf-core (~> 0.5.1)
      ttfunk (~> 1.4.0)

GEM
  remote: https://rubygems.org/
  specs:
    actionmailer (3.2.21)
      actionpack (= 3.2.21)
      mail (~> 2.5.4)
    actionpack (3.2.21)
      activemodel (= 3.2.21)
      activesupport (= 3.2.21)
      builder (~> 3.0.0)
      erubis (~> 2.7.0)
      journey (~> 1.0.4)
      rack (~> 1.4.5)
      rack-cache (~> 1.2)
      rack-test (~> 0.6.1)
      sprockets (~> 2.2.1)
    activemodel (3.2.21)
      activesupport (= 3.2.21)
      builder (~> 3.0.0)
    activerecord (3.2.21)
      activemodel (= 3.2.21)
      activesupport (= 3.2.21)
      arel (~> 3.0.2)
      tzinfo (~> 0.3.29)
    activeresource (3.2.21)
      activemodel (= 3.2.21)
      activesupport (= 3.2.21)
    activesupport (3.2.21)
      i18n (~> 0.6, >= 0.6.4)
      multi_json (~> 1.0)
    acts-as-dag (3.0.0)
      activemodel
      activerecord
    acts_as_tree (2.1.0)
      activerecord (>= 3.0.0)
    addressable (2.3.7)
    angularjs-rails (1.2.13)
    arel (3.0.3)
    autoprefixer-rails (5.1.7)
      execjs
      json
    bcrypt (3.1.10)
    bcrypt-ruby (3.1.5)
      bcrypt (>= 3.1.3)
    best_in_place (2.1.0)
      jquery-rails
      rails (~> 3.1)
    better_errors (0.7.0)
      coderay (>= 1.0.0)
      erubis (>= 2.6.6)
    binding_of_caller (0.7.1)
      debug_inspector (>= 0.0.1)
    bootstrap-sass (3.3.3)
      autoprefixer-rails (>= 5.0.0.1)
      sass (>= 3.2.19)
    brakeman (3.0.1)
      erubis (~> 2.6)
      fastercsv (~> 1.5)
      haml (>= 3.0, < 5.0)
      highline (~> 1.6.20)
      multi_json (~> 1.2)
      ruby2ruby (~> 2.1.1)
      ruby_parser (~> 3.5.0)
      sass (~> 3.0)
      terminal-table (~> 1.4)
    builder (3.0.4)
    cancan (1.6.10)
    capybara (2.2.0)
      mime-types (>= 1.16)
      nokogiri (>= 1.3.3)
      rack (>= 1.0.0)
      rack-test (>= 0.5.4)
      xpath (~> 2.0)
    carrierwave (0.10.0)
      activemodel (>= 3.2.0)
      activesupport (>= 3.2.0)
      json (>= 1.7)
      mime-types (>= 1.16)
    celluloid (0.16.0)
      timers (~> 4.0.0)
    charlock_holmes (0.6.9.4)
    cliver (0.3.2)
    codeclimate-test-reporter (0.4.7)
      simplecov (>= 0.7.1, < 1.0.0)
    coderay (1.1.0)
    coffee-rails (3.2.2)
      coffee-script (>= 2.2.0)
      railties (~> 3.2.0)
    coffee-script (2.2.0)
      coffee-script-source
      execjs
    coffee-script-source (1.7.1)
    colored (1.2)
    connection_pool (2.1.2)
    coveralls (0.7.0)
      multi_json (~> 1.3)
      rest-client
      simplecov (>= 0.7)
      term-ansicolor
      thor
    daemons (1.2.1)
    database_cleaner (0.9.1)
    debug_inspector (0.0.2)
    delocalize (0.4.0)
      rails (>= 3.0)
    devise (2.2.8)
      bcrypt-ruby (~> 3.0)
      orm_adapter (~> 0.1)
      railties (~> 3.1)
      warden (~> 1.2.1)
    diff-lcs (1.2.5)
    edit_mode (1.0.1)
      jquery-rails
      jquery-turbolinks
      rails (>= 3.2)
    em-hiredis (0.3.0)
      eventmachine (~> 1.0)
      hiredis (~> 0.5.0)
    em-websocket (0.3.8)
      addressable (>= 2.1.1)
      eventmachine (>= 0.12.9)
    email_spec (1.5.0)
      launchy (~> 2.1)
      mail (~> 2.2)
    erubis (2.7.0)
    eventmachine (1.0.7)
    execjs (2.4.0)
    factory_girl (4.3.0)
      activesupport (>= 3.0.0)
    factory_girl_rails (4.3.0)
      factory_girl (~> 4.3.0)
      railties (>= 3.0.0)
    fast_stack (0.1.0)
      rake
      rake-compiler
    fastercsv (1.5.5)
    ffi (1.9.3)
    flamegraph (0.0.5)
      fast_stack
    fnordmetric (1.2.9)
      activesupport
      em-hiredis (>= 0.1.1)
      eventmachine
      haml
      i18n
      json
      rack
      rack-test
      redis (>= 2.2.2)
      sinatra (>= 1.2.6)
      thin (>= 1.3.0)
      websocket-rack (= 0.4.0)
      yajl-ruby
    font-awesome-rails (4.3.0.0)
      railties (>= 3.2, < 5.0)
    foreigner (1.7.2)
      activerecord (>= 3.0.0)
    foreman (0.78.0)
      thor (~> 0.19.1)
    formatador (0.2.4)
    formtastic (2.2.1)
      actionpack (>= 3.0)
    fuubar (1.3.3)
      rspec (>= 2.14.0, < 3.1.0)
      ruby-progressbar (~> 1.4)
    geocoder (1.2.7)
    gravatar_image_tag (1.2.0)
    guard (2.2.5)
      formatador (>= 0.2.4)
      listen (~> 2.1)
      lumberjack (~> 1.0)
      pry (>= 0.9.12)
      thor (>= 0.18.1)
    guard-brakeman (0.8.1)
      brakeman (>= 2.1.1)
      guard (>= 1.1.0)
    guard-focus (0.0.1)
      guard
    guard-rspec (0.5.5)
      guard (>= 0.8.4)
    guard-spork (1.0.1)
      guard (>= 1.0.0)
      spork (>= 0.8.4)
    haml (4.0.6)
      tilt
    highline (1.6.21)
    hike (1.2.3)
    hiredis (0.5.2)
    hitimes (1.2.2)
    i18n (0.7.0)
    icalendar (2.2.2)
    immigrant (0.1.8)
      activerecord (>= 3.0)
      foreigner (>= 1.2.1)
    journey (1.0.4)
    jquery-datatables-rails (3.1.1)
      actionpack (>= 3.1)
      jquery-rails
      railties (>= 3.1)
      sass-rails
    jquery-fileupload-rails (0.4.4)
      actionpack (>= 3.1)
      railties (>= 3.1)
      sass (>= 3.2)
    jquery-rails (3.1.2)
      railties (>= 3.0, < 5.0)
      thor (>= 0.14, < 2.0)
    jquery-turbolinks (2.1.0)
      railties (>= 3.1.0)
      turbolinks
    jquery-ui-rails (4.2.1)
      railties (>= 3.2.16)
    json (1.8.2)
    judge (2.0.5)
      rails (>= 3.1)
    judge-formtastic (0.2.0)
      formtastic (~> 2.2)
      judge (~> 2.0)
    kgio (2.9.2)
    launchy (2.2.0)
      addressable (~> 2.3)
    letter_opener (1.2.0)
      launchy (~> 2.2)
    libv8 (3.16.14.3)
    listen (2.4.0)
      celluloid (>= 0.15.2)
      rb-fsevent (>= 0.9.3)
      rb-inotify (>= 0.9)
    lumberjack (1.0.4)
    maildir (2.1.0)
    mailman (0.7.0)
      activesupport (>= 2.3.4)
      i18n (>= 0.4.1)
      listen (>= 0.4.1)
      mail (>= 2.0.3)
      maildir (>= 0.5.0)
    meta_request (0.2.2)
      rack-contrib
      railties
    method_source (0.8.2)
    mime-types (1.25.1)
    mini_magick (4.1.0)
    mini_portile (0.5.2)
    multi_json (1.11.0)
    mysql2 (0.3.15)
    netrc (0.10.3)
    newrelic_rpm (3.8.1.221)
    nokogiri (1.6.1)
      mini_portile (~> 0.5.0)
    orm_adapter (0.5.0)
    passgen (1.0.2)
    pdf-core (0.5.1)
    phony (2.12.2)
    poltergeist (1.5.0)
      capybara (~> 2.1)
      cliver (~> 0.3.1)
      multi_json (~> 1.0)
      websocket-driver (>= 0.2.0)
    polyglot (0.3.5)
    pry (0.9.12.4)
      coderay (~> 1.0)
      method_source (~> 0.8)
      slop (~> 3.4)
    public_activity (1.4.2)
      actionpack (>= 3.0.0)
      activerecord (>= 3.0)
      i18n (>= 0.5.0)
      railties (>= 3.0.0)
    rack (1.4.5)
    rack-cache (1.2)
      rack (>= 0.4)
    rack-contrib (1.1.0)
      rack (>= 0.9.1)
    rack-mini-profiler (0.9.3)
      rack (>= 1.1.3)
    rack-protection (1.5.3)
      rack
    rack-ssl (1.3.4)
      rack
    rack-test (0.6.3)
      rack (>= 1.0)
    rack-timeout (0.0.4)
    rails (3.2.21)
      actionmailer (= 3.2.21)
      actionpack (= 3.2.21)
      activerecord (= 3.2.21)
      activeresource (= 3.2.21)
      activesupport (= 3.2.21)
      bundler (~> 1.0)
      railties (= 3.2.21)
    rails-i18n (3.0.1)
      i18n (~> 0.5)
      rails (>= 3.0.0, < 4.0.0)
    rails-settings-cached (0.2.4)
      rails (>= 3.0.0)
    railties (3.2.21)
      actionpack (= 3.2.21)
      activesupport (= 3.2.21)
      rack-ssl (~> 1.3.2)
      rake (>= 0.8.7)
      rdoc (~> 3.4)
      thor (>= 0.14.6, < 2.0)
    raindrops (0.13.0)
    rake (10.4.2)
    rake-compiler (0.9.2)
      rake
    rb-fsevent (0.9.3)
    rb-inotify (0.9.3)
      ffi (>= 0.5.0)
    rdoc (3.12.2)
      json (~> 1.4)
    redcarpet (3.2.2)
    redis (3.2.1)
    redis-actionpack (3.2.4)
      actionpack (~> 3.2.0)
      redis-rack (~> 1.4.4)
      redis-store (~> 1.1.4)
    redis-activesupport (3.2.5)
      activesupport (~> 3.2.0)
      redis-store (~> 1.1.0)
    redis-namespace (1.5.1)
      redis (~> 3.0, >= 3.0.4)
    redis-rack (1.4.4)
      rack (~> 1.4.0)
      redis-store (~> 1.1.4)
    redis-rails (3.2.4)
      redis-actionpack (~> 3.2.4)
      redis-activesupport (~> 3.2.4)
      redis-store (~> 1.1.4)
    redis-store (1.1.4)
      redis (>= 2.2)
    ref (1.0.5)
    refile (0.5.3)
      mime-types
      sinatra (~> 1.4.5)
    rest-client (1.7.3)
      mime-types (>= 1.16, < 3.0)
      netrc (~> 0.7)
    rspec (2.14.1)
      rspec-core (~> 2.14.0)
      rspec-expectations (~> 2.14.0)
      rspec-mocks (~> 2.14.0)
    rspec-core (2.14.7)
    rspec-expectations (2.14.4)
      diff-lcs (>= 1.1.3, < 2.0)
    rspec-mocks (2.14.4)
    rspec-rails (2.14.1)
      actionpack (>= 3.0)
      activemodel (>= 3.0)
      activesupport (>= 3.0)
      railties (>= 3.0)
      rspec-core (~> 2.14.0)
      rspec-expectations (~> 2.14.0)
      rspec-mocks (~> 2.14.0)
    ruby-ole (1.2.11.8)
    ruby-progressbar (1.5.1)
    ruby2ruby (2.1.3)
      ruby_parser (~> 3.1)
      sexp_processor (~> 4.0)
    ruby_parser (3.5.0)
      sexp_processor (~> 4.1)
    sass (3.4.13)
    sass-rails (3.2.6)
      railties (~> 3.2.0)
      sass (>= 3.1.10)
      tilt (~> 1.3)
    sexp_processor (4.4.5)
    sidekiq (3.3.2)
      celluloid (>= 0.16.0)
      connection_pool (>= 2.1.1)
      json
      redis (>= 3.0.6)
      redis-namespace (>= 1.3.1)
    sidekiq-failures (0.4.3)
      sidekiq (>= 2.16.0)
    simplecov (0.7.1)
      multi_json (~> 1.0)
      simplecov-html (~> 0.7.1)
    simplecov-html (0.7.1)
    sinatra (1.4.5)
      rack (~> 1.4)
      rack-protection (~> 1.4)
      tilt (~> 1.3, >= 1.3.4)
    slim_breadcrumb (0.0.3)
      coffee-rails
      jquery-rails
      rails (>= 3.2)
      sass-rails
    slop (3.4.7)
    spork (0.9.2)
    spreadsheet (1.0.3)
      ruby-ole (>= 1.0)
    sprockets (2.2.3)
      hike (~> 1.2)
      multi_json (~> 1.0)
      rack (~> 1.0)
      tilt (~> 1.1, != 1.3.0)
    strong_parameters (0.2.3)
      actionpack (~> 3.0)
      activemodel (~> 3.0)
      activesupport (~> 3.0)
      railties (~> 3.0)
    term-ansicolor (1.2.2)
      tins (~> 0.8)
    terminal-table (1.4.5)
    therubyracer (0.12.1)
      libv8 (~> 3.16.14.0)
      ref
    thin (1.6.3)
      daemons (~> 1.0, >= 1.0.9)
      eventmachine (~> 1.0)
      rack (~> 1.0)
    thor (0.19.1)
    tilt (1.4.1)
    timecop (0.7.1)
    timers (4.0.1)
      hitimes
    tins (0.13.1)
    to_xls (1.5.3)
      spreadsheet
    transaction_isolation (1.0.3)
      activerecord (>= 3.0.11)
    transaction_retry (1.0.2)
      activerecord (>= 3.0.11)
      transaction_isolation (>= 1.0.2)
    treetop (1.4.15)
      polyglot
      polyglot (>= 0.3.1)
    ttfunk (1.4.0)
    turbolinks (2.5.3)
      coffee-rails
    turnout (0.2.5)
      nokogiri (~> 1.3)
      rack
    tzinfo (0.3.43)
    uglifier (2.4.0)
      execjs (>= 0.3.0)
      json (>= 1.8.0)
    unicorn (4.8.2)
      kgio (~> 2.6)
      rack
      raindrops (~> 0.7)
    warden (1.2.3)
      rack (>= 1.0)
    websocket-driver (0.3.2)
    websocket-rack (0.4.0)
      em-websocket (~> 0.3.6)
      eventmachine (~> 1.0.0.beta.4)
      rack
      thin
    will_paginate (3.0.7)
    xpath (2.0.0)
      nokogiri (~> 1.3)
    yajl-ruby (1.2.1)
    yard (0.8.7.3)

PLATFORMS
  ruby

DEPENDENCIES
  angularjs-rails
  better_errors
  binding_of_caller
  brakeman (>= 2.3.1)
  capybara
  charlock_holmes
  codeclimate-test-reporter
  coffee-rails (~> 3.2.1)
  coffee-script (~> 2.2.0)
  coffee-script-source (~> 1.7.0)
  colored
  coveralls
  database_cleaner
  email_spec
  execjs
  factory_girl_rails (>= 4.0.0)
  flamegraph
  fnordmetric
  formtastic (~> 2.2.1)
  fuubar
  gmaps4rails (~> 2.0.1)!
  guard (~> 2.2.5)
  guard-brakeman (>= 0.8.1)
  guard-focus
  guard-rspec
  guard-spork
  jquery-rails
  json
  launchy
  letter_opener
  mail!
  mailman
  mercury-rails!
  meta_request
  mysql2
  newrelic_rpm
  nokogiri
  poltergeist (= 1.5.0)
  prawn!
  pry
  rack-mini-profiler
  rack-timeout
  rails (~> 3.2)
  redcarpet
  rspec-rails
  rspec-rerun!
  sidekiq-failures
  simplecov
  spork
  therubyracer
  tilt (~> 1.4.1)
  timecop
  transaction_retry
  turbolinks (>= 1.0)
  turnout
  uglifier (>= 1.0.3)
  unicorn
  workflow_kit!
  yard
  your_platform!
